GIT
  remote: https://github.com/lsegal/yard.git
  revision: 13d9939df94acb7dcbe325ebed040f5d88b02373
  branch: frameless
  specs:
    yard (0.8.7.6)

GEM
  remote: https://rubygems.org/
  specs:
    rake (10.4.2)

PLATFORMS
  ruby

DEPENDENCIES
  rake
  yard!

BUNDLED WITH
   1.11.2
